GEM
  remote: https://rubygems.org/
  specs:
    google-protobuf (3.18.0-universal-darwin)
    googleapis-common-protos-types (1.2.0)
      google-protobuf (~> 3.14)
    grpc (1.40.0-universal-darwin)
      google-protobuf (~> 3.15)
      googleapis-common-protos-types (~> 1.0)
    grpc-tools (1.40.0)

PLATFORMS
  x86_64-darwin-19

DEPENDENCIES
  grpc (~> 1.40.0)
  grpc-tools (~> 1.40.0)

BUNDLED WITH
   2.2.11
